GEM
  remote: https://rubygems.org/
  specs:
    ast (2.4.0)
    byebug (11.0.1)
    daemons (1.3.1)
    dotenv (2.7.6)
    eventmachine (1.2.7)
    faye-websocket (0.11.0)
      eventmachine (>= 0.12.0)
      websocket-driver (>= 0.5.1)
    jaro_winkler (1.5.3)
    jwt (2.2.2)
    multi_json (1.15.0)
    mustermann (3.0.0)
      ruby2_keywords (~> 0.0.1)
    nexmo-jwt (0.1.2)
      jwt (~> 2)
    parallel (1.17.0)
    parser (2.6.3.0)
      ast (~> 2.4.0)
    rack (2.2.6.4)
    rack-contrib (2.3.0)
      rack (~> 2.0)
    rack-protection (3.0.6)
      rack
    rainbow (3.0.0)
    rubocop (0.72.0)
      jaro_winkler (~> 1.5.1)
      parallel (~> 1.10)
      parser (>= 2.6)
      rainbow (>= 2.2.2, < 4.0)
      ruby-progressbar (~> 1.7)
      unicode-display_width (>= 1.4.0, < 1.7)
    ruby-progressbar (1.10.1)
    ruby2_keywords (0.0.5)
    sinatra (3.0.6)
      mustermann (~> 3.0)
      rack (~> 2.2, >= 2.2.4)
      rack-protection (= 3.0.6)
      tilt (~> 2.0)
    sinatra-contrib (3.0.6)
      multi_json
      mustermann (~> 3.0)
      rack-protection (= 3.0.6)
      sinatra (= 3.0.6)
      tilt (~> 2.0)
    sorbet-runtime (0.5.6281)
    thin (1.8.0)
      daemons (~> 1.0, >= 1.0.9)
      eventmachine (~> 1.0, >= 1.0.4)
      rack (>= 1, < 3)
    tilt (2.1.0)
    unicode-display_width (1.6.0)
    vonage (7.2.1)
      nexmo-jwt (~> 0.1.2)
      sorbet-runtime (~> 0.5)
      zeitwerk (~> 2, >= 2.2)
    websocket-driver (0.7.3)
      websocket-extensions (>= 0.1.0)
    websocket-extensions (0.1.5)
    zeitwerk (2.4.2)

PLATFORMS
  ruby

DEPENDENCIES
  byebug (~> 11.0)
  dotenv (= 2.7.6)
  faye-websocket (= 0.11.0)
  rack-contrib (= 2.3.0)
  rubocop
  sinatra (= 3.0.6)
  sinatra-contrib (= 3.0.6)
  thin (= 1.8.0)
  vonage (~> 7.2.1)

BUNDLED WITH
   2.2.3
